GEM
  remote: http://rubygems.org/
  specs:
    aggregate (0.2.2)
    faraday (0.8.4)
      multipart-post (~> 1.1)
    librato-metrics (0.7.3)
      aggregate (~> 0.2.2)
      faraday (~> 0.7)
      multi_json (~> 1.3)
    multi_json (1.3.6)
    multipart-post (1.1.5)

PLATFORMS
  ruby

DEPENDENCIES
  librato-metrics
