GIT
  remote: git://github.com/librato/librato-metrics.git
  revision: b10e44607258d1337f980d658bcf8d11d062b17f
  branch: feature/fetch-pagination
  specs:
    librato-metrics (0.7.0)
      aggregate (~> 0.2.2)
      faraday (~> 0.7)
      multi_json (~> 1.3)

GEM
  remote: http://rubygems.org/
  specs:
    aggregate (0.2.2)
    faraday (0.8.4)
      multipart-post (~> 1.1)
    multi_json (1.3.7)
    multipart-post (1.1.5)

PLATFORMS
  ruby

DEPENDENCIES
  librato-metrics!
