GEM
  remote: http://rubygems.org/
  specs:
    redis (3.0.2)
    sequel (3.43.0)

PLATFORMS
  ruby

DEPENDENCIES
  redis
  sequel
