GEM
  remote: http://rubygems.org/
  specs:
    daemons (1.1.9)
    eventmachine (1.0.0)
    fluent-logger (0.4.4)
      msgpack (= 0.4.7)
      yajl-ruby (~> 1.0)
    hirb (0.7.1)
    json (1.7.7)
    msgpack (0.4.7)
    rack (1.4.1)
    rack-protection (1.3.2)
      rack
    sinatra (1.3.3)
      rack (~> 1.3, >= 1.3.6)
      rack-protection (~> 1.2)
      tilt (~> 1.3, >= 1.3.3)
    td (0.10.61)
      hirb (>= 0.4.5)
      msgpack (~> 0.4.4)
      td-client (~> 0.8.37)
      td-logger (~> 0.3.16)
    td-client (0.8.45)
      json (~> 1.7.6)
      msgpack (~> 0.4.4)
    td-logger (0.3.18)
      fluent-logger (~> 0.4.1)
      msgpack (= 0.4.7)
      td-client (~> 0.8.4)
    thin (1.5.0)
      daemons (>= 1.0.9)
      eventmachine (>= 0.12.6)
      rack (>= 1.0.0)
    tilt (1.3.3)
    yajl-ruby (1.1.0)

PLATFORMS
  ruby

DEPENDENCIES
  sinatra
  td
  thin
